PATH
  remote: .
  specs:
    tanker-core (0.0.0)
      faraday (>= 0.17.5, < 3.0.0)
      ffi (~> 1.13)

GEM
  remote: https://rubygems.org/
  specs:
    ast (2.4.2)
    bundler-audit (0.9.1)
      bundler (>= 1.2.0, < 3)
      thor (~> 1.0)
    connection_pool (2.4.1)
    diff-lcs (1.5.0)
    faraday (2.7.10)
      faraday-net_http (>= 2.0, < 3.1)
      ruby2_keywords (>= 0.0.4)
    faraday-net_http (3.0.2)
    faraday-net_http_persistent (2.1.0)
      faraday (~> 2.5)
      net-http-persistent (~> 4.0)
    ffi (1.15.5)
    io-console (0.6.0)
    irb (1.7.4)
      reline (>= 0.3.6)
    json (2.6.3)
    language_server-protocol (3.17.0.3)
    net-http-persistent (4.0.2)
      connection_pool (~> 2.2)
    parallel (1.23.0)
    parser (3.2.2.3)
      ast (~> 2.4.1)
      racc
    racc (1.7.1)
    rainbow (3.1.1)
    rake (13.0.6)
    rbnacl (7.1.1)
      ffi
    regexp_parser (2.8.1)
    reline (0.3.6)
      io-console (~> 0.5)
    rexml (3.2.5)
    rspec (3.12.0)
      rspec-core (~> 3.12.0)
      rspec-expectations (~> 3.12.0)
      rspec-mocks (~> 3.12.0)
    rspec-core (3.12.2)
      rspec-support (~> 3.12.0)
    rspec-expectations (3.12.3)
      diff-lcs (>= 1.2.0, < 2.0)
      rspec-support (~> 3.12.0)
    rspec-mocks (3.12.6)
      diff-lcs (>= 1.2.0, < 2.0)
      rspec-support (~> 3.12.0)
    rspec-support (3.12.1)
    rubocop (1.54.2)
      json (~> 2.3)
      language_server-protocol (>= 3.17.0)
      parallel (~> 1.10)
      parser (>= 3.2.2.3)
      rainbow (>= 2.2.2, < 4.0)
      regexp_parser (>= 1.8, < 3.0)
      rexml (>= 3.2.5, < 4.0)
      rubocop-ast (>= 1.28.0, < 2.0)
      ruby-progressbar (~> 1.7)
      unicode-display_width (>= 2.4.0, < 3.0)
    rubocop-ast (1.29.0)
      parser (>= 3.2.1.0)
    ruby-progressbar (1.13.0)
    ruby2_keywords (0.0.5)
    rubygems-tasks (0.2.5)
      irb (~> 1.0)
    tanker-identity (3.3.0)
      rbnacl (~> 7.0)
    thor (1.2.2)
    unicode-display_width (2.4.2)

PLATFORMS
  arm64-darwin-22
  x86_64-darwin-21
  x86_64-darwin-22
  x86_64-linux

DEPENDENCIES
  bundler (~> 2.0)
  bundler-audit (~> 0.7)
  faraday-net_http_persistent (~> 2.1)
  rake (~> 13.0)
  rspec (~> 3.0)
  rubocop (~> 1.13)
  rubygems-tasks (~> 0.2.5)
  tanker-core!
  tanker-identity (~> 3.3.0)

BUNDLED WITH
   2.3.13
