PATH
  remote: .
  specs:
    tanker-core (0.0.0)
      ffi (~> 1.13)

GEM
  remote: https://rubygems.org/
  specs:
    ast (2.4.2)
    bundler-audit (0.8.0)
      bundler (>= 1.2.0, < 3)
      thor (~> 1.0)
    diff-lcs (1.4.4)
    ffi (1.15.3)
    io-console (0.5.9)
    irb (1.3.6)
      reline (>= 0.2.5)
    parallel (1.20.1)
    parser (3.0.1.1)
      ast (~> 2.4.1)
    rainbow (3.0.0)
    rake (13.0.4)
    rbnacl (7.1.1)
      ffi
    regexp_parser (2.1.1)
    reline (0.2.6)
      io-console (~> 0.5)
    rexml (3.2.5)
    rspec (3.10.0)
      rspec-core (~> 3.10.0)
      rspec-expectations (~> 3.10.0)
      rspec-mocks (~> 3.10.0)
    rspec-core (3.10.1)
      rspec-support (~> 3.10.0)
    rspec-expectations (3.10.1)
      diff-lcs (>= 1.2.0, < 2.0)
      rspec-support (~> 3.10.0)
    rspec-mocks (3.10.2)
      diff-lcs (>= 1.2.0, < 2.0)
      rspec-support (~> 3.10.0)
    rspec-support (3.10.2)
    rubocop (1.18.3)
      parallel (~> 1.10)
      parser (>= 3.0.0.0)
      rainbow (>= 2.2.2, < 4.0)
      regexp_parser (>= 1.8, < 3.0)
      rexml
      rubocop-ast (>= 1.7.0, < 2.0)
      ruby-progressbar (~> 1.7)
      unicode-display_width (>= 1.4.0, < 3.0)
    rubocop-ast (1.7.0)
      parser (>= 3.0.1.1)
    ruby-progressbar (1.11.0)
    rubygems-tasks (0.2.5)
      irb (~> 1.0)
    tanker-identity (2.16.0)
      rbnacl (~> 7.0)
    thor (1.1.0)
    unicode-display_width (2.0.0)

PLATFORMS
  ruby

DEPENDENCIES
  bundler (~> 2.0)
  bundler-audit (~> 0.7)
  rake (~> 13.0)
  rspec (~> 3.0)
  rubocop (~> 1.13)
  rubygems-tasks (~> 0.2.5)
  tanker-core!
  tanker-identity (= 2.16.0)

BUNDLED WITH
   2.2.13
