GIT
  remote: https://github.com/TankerHQ/identity-ruby
  revision: ccb8e7fde9d60af6e747220573312ccc693b8a25
  ref: master
  specs:
    tanker-identity (0.1.0)
      rbnacl (~> 7.0)

PATH
  remote: .
  specs:
    tanker-core (0.0.0)
      ffi (~> 1.13)

GEM
  remote: https://rubygems.org/
  specs:
    ast (2.4.1)
    bundler-audit (0.7.0.1)
      bundler (>= 1.2.0, < 3)
      thor (>= 0.18, < 2)
    diff-lcs (1.4.2)
    ffi (1.13.1)
    io-console (0.5.6)
    irb (1.2.4)
      reline (>= 0.0.1)
    parallel (1.19.2)
    parser (2.7.1.4)
      ast (~> 2.4.1)
    rainbow (3.0.0)
    rake (13.0.1)
    rbnacl (7.1.1)
      ffi
    regexp_parser (1.7.1)
    reline (0.1.4)
      io-console (~> 0.5)
    rexml (3.2.4)
    rspec (3.9.0)
      rspec-core (~> 3.9.0)
      rspec-expectations (~> 3.9.0)
      rspec-mocks (~> 3.9.0)
    rspec-core (3.9.2)
      rspec-support (~> 3.9.3)
    rspec-expectations (3.9.2)
      diff-lcs (>= 1.2.0, < 2.0)
      rspec-support (~> 3.9.0)
    rspec-mocks (3.9.1)
      diff-lcs (>= 1.2.0, < 2.0)
      rspec-support (~> 3.9.0)
    rspec-support (3.9.3)
    rubocop (0.85.1)
      parallel (~> 1.10)
      parser (>= 2.7.0.1)
      rainbow (>= 2.2.2, < 4.0)
      regexp_parser (>= 1.7)
      rexml
      rubocop-ast (>= 0.0.3)
      ruby-progressbar (~> 1.7)
      unicode-display_width (>= 1.4.0, < 2.0)
    rubocop-ast (0.1.0)
      parser (>= 2.7.0.1)
    ruby-progressbar (1.10.1)
    rubygems-tasks (0.2.5)
      irb (~> 1.0)
    thor (1.0.1)
    unicode-display_width (1.7.0)

PLATFORMS
  ruby

DEPENDENCIES
  bundler (~> 2.0)
  bundler-audit (~> 0.7)
  rake (~> 13.0)
  rspec (~> 3.0)
  rubocop (~> 0.85.1)
  rubygems-tasks (~> 0.2.5)
  tanker-core!
  tanker-identity!

BUNDLED WITH
   2.1.4
